GEM
  remote: https://rubygems.org/
  specs:
    sass (3.2.12)

PLATFORMS
  java

DEPENDENCIES
  sass
